GEM
  remote: http://rubygems.org/
  specs:
    rack (1.3.3)
    rake (0.9.2)
    rspec (1.3.2)

PLATFORMS
  java

DEPENDENCIES
  rack
  rake
  rspec (~> 1.3.0)
