GEM
  remote: http://rubygems.org/
  specs:
    appraisal (0.4.0)
      bundler
      rake
    diff-lcs (1.1.3)
    rack (1.4.1)
    rake (0.9.2.2)
    rspec (2.8.0)
      rspec-core (~> 2.8.0)
      rspec-expectations (~> 2.8.0)
      rspec-mocks (~> 2.8.0)
    rspec-core (2.8.0)
    rspec-expectations (2.8.0)
      diff-lcs (~> 1.1.2)
    rspec-mocks (2.8.0)

PLATFORMS
  java

DEPENDENCIES
  appraisal
  rack
  rake
  rspec (~> 2.7)
